GEM
  remote: https://rubygems.org/
  specs:
    addressable (2.5.0)
      public_suffix (~> 2.0, >= 2.0.2)
    ansi (1.5.0)
    chunky_png (1.3.8)
    daemons (1.2.4)
    data_objects (0.10.17)
      addressable (~> 2.1)
    dm-core (1.2.1)
      addressable (~> 2.3)
    dm-do-adapter (1.2.0)
      data_objects (~> 0.10.6)
      dm-core (~> 1.2.0)
    dm-migrations (1.2.0)
      dm-core (~> 1.2.0)
    dm-serializer (1.2.2)
      dm-core (~> 1.2.0)
      fastercsv (~> 1.5)
      json (~> 1.6)
      json_pure (~> 1.6)
      multi_json (~> 1.0)
    dm-sqlite-adapter (1.2.0)
      dm-do-adapter (~> 1.2.0)
      do_sqlite3 (~> 0.10.6)
    do_sqlite3 (0.10.17)
      data_objects (= 0.10.17)
    em-websocket (0.5.1)
      eventmachine (>= 0.12.9)
      http_parser.rb (~> 0.6.0)
    erubis (2.7.0)
    espeak-ruby (1.0.4)
    eventmachine (1.0.9.1)
    execjs (2.7.0)
    fastercsv (1.5.5)
    geoip (1.6.3)
    http_parser.rb (0.6.0)
    json (1.8.6)
    json_pure (1.8.6)
    kgio (2.11.0)
    librex (0.0.999)
    mime-types (3.1)
      mime-types-data (~> 3.2015)
    mime-types-data (3.2016.0521)
    mojo_magick (0.5.6)
    msfrpc-client (1.0.3)
      librex (~> 0.0.70, >= 0.0.70)
      msgpack (~> 0.5.8, >= 0.5.8)
    msgpack (0.5.12)
    multi_json (1.12.1)
    parseconfig (1.0.8)
    public_suffix (2.0.5)
    puma (3.7.1)
    qr4r (0.4.1)
      mojo_magick
      rqrcode
    rack (1.6.5)
    rack-protection (1.5.3)
      rack
    rainbow (2.2.1)
    raindrops (0.17.0)
    rexec (1.6.3)
      rainbow
    rqrcode (0.10.1)
      chunky_png (~> 1.0)
    rubydns (0.7.3)
      eventmachine (~> 1.0.0)
      rexec (~> 1.6.2)
    rubyzip (1.2.1)
    sinatra (1.4.8)
      rack (~> 1.5)
      rack-protection (~> 1.4)
      tilt (>= 1.3, < 3)
    term-ansicolor (1.4.0)
      tins (~> 1.0)
    thin (1.7.0)
      daemons (~> 1.0, >= 1.0.9)
      eventmachine (~> 1.0, >= 1.0.4)
      rack (>= 1, < 3)
    tilt (2.0.6)
    tins (1.13.2)
    uglifier (3.1.3)
      execjs (>= 0.3.0, < 3)
    unicorn (5.2.0)
      kgio (~> 2.6)
      raindrops (~> 0.7)

PLATFORMS
  ruby

DEPENDENCIES
  ansi
  data_objects
  dm-core
  dm-migrations
  dm-serializer
  dm-sqlite-adapter
  em-websocket
  erubis
  espeak-ruby (>= 1.0.3)
  eventmachine
  execjs
  geoip
  json
  mime-types
  msfrpc-client
  parseconfig
  puma
  qr4r
  rubydns (~> 0.7.3)
  rubyzip (>= 1.0.0)
  sinatra
  term-ansicolor
  thin
  uglifier
  unicorn

BUNDLED WITH
   1.11.2
